{
	"Modality": "MR",
	"MagneticFieldStrength": 3,
	"ImagingFrequency": 123.261,
	"Manufacturer": "Siemens",
	"ManufacturersModelName": "Prisma",
	"InstitutionName": "SUBIC",
	"InstitutionalDepartmentName": "Department",
	"InstitutionAddress": "Svante Arrhenius vaeg 16,Stockholm,District,SE,11418",
	"DeviceSerialNumber": "166088",
	"StationName": "AWP166088",
	"BodyPartExamined": "BRAIN",
	"PatientPosition": "HFS",
	"ProcedureStepDescription": "Julia Udden^robotFMRI^robotfMRI_231212",
	"SoftwareVersions": "syngo MR E11",
	"MRAcquisitionType": "2D",
	"SeriesDescription": "run1_cmrr_mb3_2p5mm_fov210",
	"ProtocolName": "run1_cmrr_mb3_2p5mm_fov210",
	"ScanningSequence": "EP",
	"SequenceVariant": "SK\\SS",
	"ScanOptions": "FS\\EXT",
	"SequenceName": "epfid2d1_84",
	"ImageType": ["ORIGINAL", "PRIMARY", "M", "MB", "ND", "NORM", "MOSAIC"],
	"NonlinearGradientCorrection": false,
	"SeriesNumber": 7,
	"AcquisitionTime": "14:20:42.677500",
	"AcquisitionNumber": 1,
	"ImageComments": "Unaliased MB3/PE4/LB SENSE1",
	"SliceThickness": 2.5,
	"SpacingBetweenSlices": 2.5,
	"SAR": 0.153278,
	"EchoTime": 0.03,
	"RepetitionTime": 1.2,
	"FlipAngle": 65,
	"PartialFourier": 1,
	"BaseResolution": 84,
	"ShimSetting": [
		-2712,
		-1126,
		1113,
		365,
		51,
		106,
		102,
		-51	],
	"TxRefAmp": 277.451,
	"PhaseResolution": 1,
	"VendorReportedEchoSpacing": 0.00055,
	"ReceiveCoilName": "HeadNeck_20",
	"ReceiveCoilActiveElements": "HE1-4",
	"PulseSequenceDetails": "%CustomerSeq%\\cmrr_mbep2d_bold",
	"WipMemBlock": "8df08f23-8c7a-474b-8013-cec6159a8045||Sequence: R016 ve11c/master r/e634e98; Dec 19 2017 11:00:25 by eja",
	"RefLinesPE": 24,
	"CoilCombinationMethod": "Sum of Squares",
	"ConsistencyInfo": "N4_VE11C_LATEST_20160120",
	"MatrixCoilMode": "GRAPPA",
	"MultibandAccelerationFactor": 3,
	"PercentPhaseFOV": 100,
	"PercentSampling": 100,
	"EchoTrainLength": 41,
	"PhaseEncodingSteps": 83,
	"AcquisitionMatrixPE": 84,
	"ReconMatrixPE": 84,
	"BandwidthPerPixelPhaseEncode": 43.29,
	"ParallelReductionFactorInPlane": 2,
	"EffectiveEchoSpacing": 0.000275,
	"DerivedVendorReportedEchoSpacing": 0.000550001,
	"TotalReadoutTime": 0.022825,
	"PixelBandwidth": 2380,
	"DwellTime": 2.5e-06,
	"PhaseEncodingDirection": "j-",
	"SliceTiming": [
		0,
		0.8675,
		0.5325,
		0.2,
		1.0675,
		0.7325,
		0.4,
		0.0675,
		0.9325,
		0.6,
		0.2675,
		1.1325,
		0.8,
		0.4675,
		0.135,
		1,
		0.6675,
		0.335,
		0,
		0.8675,
		0.5325,
		0.2,
		1.0675,
		0.7325,
		0.4,
		0.0675,
		0.9325,
		0.6,
		0.2675,
		1.1325,
		0.8,
		0.4675,
		0.135,
		1,
		0.6675,
		0.335,
		0,
		0.8675,
		0.5325,
		0.2,
		1.0675,
		0.7325,
		0.4,
		0.0675,
		0.9325,
		0.6,
		0.2675,
		1.1325,
		0.8,
		0.4675,
		0.135,
		1,
		0.6675,
		0.335	],
	"ImageOrientationPatientDICOM": [
		0.999905,
		0.0104705,
		0.00900562,
		-0.0106459,
		0.99975,
		0.0196476	],
	"ImageOrientationText": "Tra>Cor(1.1)>Sag(0.5)",
	"InPlanePhaseEncodingDirectionDICOM": "COL",
	"ConversionSoftware": "dcm2niix",
	"ConversionSoftwareVersion": "v1.0.20220720",
"TaskName" : "Conversation"

}
