{
	"Modality": "MR",
	"MagneticFieldStrength": 3,
	"ImagingFrequency": 123.26,
	"Manufacturer": "Siemens",
	"ManufacturersModelName": "Prisma",
	"InstitutionName": "SUBIC",
	"InstitutionalDepartmentName": "Department",
	"InstitutionAddress": "Svante Arrhenius vaeg 16,Stockholm,District,SE,11418",
	"DeviceSerialNumber": "166088",
	"StationName": "AWP166088",
	"BodyPartExamined": "BRAIN",
	"PatientPosition": "HFS",
	"ProcedureStepDescription": "Julia Udden^robotFMRI^robotfMRI_240326-siemens",
	"SoftwareVersions": "syngo MR E11",
	"MRAcquisitionType": "2D",
	"SeriesDescription": "run2_cmrr_mb3_2p5mm_fov210",
	"ProtocolName": "run2_cmrr_mb3_2p5mm_fov210",
	"ScanningSequence": "EP",
	"SequenceVariant": "SK",
	"ScanOptions": "FS",
	"SequenceName": "*epfid2d1_84",
	"ImageType": ["ORIGINAL", "PRIMARY", "M", "ND", "MOSAIC"],
	"NonlinearGradientCorrection": false,
	"SeriesNumber": 7,
	"AcquisitionTime": "10:53:14.777500",
	"AcquisitionNumber": 1,
	"SliceThickness": 2.5,
	"SpacingBetweenSlices": 2.5,
	"SAR": 0.0616976,
	"EchoTime": 0.03,
	"RepetitionTime": 1.2,
	"FlipAngle": 65,
	"PartialFourier": 1,
	"BaseResolution": 84,
	"ShimSetting": [
		-2705,
		-1074,
		1063,
		329,
		-6,
		35,
		-40,
		-57	],
	"TxRefAmp": 265.087,
	"PhaseResolution": 1,
	"VendorReportedEchoSpacing": 0.00055,
	"ReceiveCoilName": "HeadNeck_20",
	"ReceiveCoilActiveElements": "HE1-4;NE1,2",
	"PulseSequenceDetails": "%SiemensSeq%\\ep2d_bold",
	"RefLinesPE": 24,
	"CoilCombinationMethod": "Sum of Squares",
	"ConsistencyInfo": "N4_VE11C_LATEST_20160120",
	"MultibandAccelerationFactor": 3,
	"PercentPhaseFOV": 100,
	"PercentSampling": 100,
	"EchoTrainLength": 41,
	"PhaseEncodingSteps": 83,
	"AcquisitionMatrixPE": 84,
	"ReconMatrixPE": 84,
	"BandwidthPerPixelPhaseEncode": 43.29,
	"ParallelReductionFactorInPlane": 2,
	"EffectiveEchoSpacing": 0.000275,
	"DerivedVendorReportedEchoSpacing": 0.000550001,
	"TotalReadoutTime": 0.022825,
	"PixelBandwidth": 2380,
	"DwellTime": 2.5e-06,
	"PhaseEncodingDirection": "j-",
	"SliceTiming": [
		0.8525,
		0,
		0.59,
		0.065,
		0.655,
		0.13,
		0.72,
		0.1975,
		0.7875,
		0.3275,
		0.9175,
		0.3925,
		0.9825,
		0.4575,
		1.0475,
		0.525,
		1.115,
		0.2625,
		0.8525,
		0,
		0.59,
		0.065,
		0.655,
		0.13,
		0.72,
		0.1975,
		0.7875,
		0.3275,
		0.9175,
		0.3925,
		0.9825,
		0.4575,
		1.0475,
		0.525,
		1.115,
		0.2625,
		0.8525,
		0,
		0.59,
		0.065,
		0.655,
		0.13,
		0.72,
		0.1975,
		0.7875,
		0.3275,
		0.9175,
		0.3925,
		0.9825,
		0.4575,
		1.0475,
		0.525,
		1.115,
		0.2625	],
	"ImageOrientationPatientDICOM": [
		0.990171,
		0.114791,
		0.079907,
		-0.0930756,
		0.967248,
		-0.236153	],
	"ImageOrientationText": "Tra>Cor(-13.2)>Sag(6.0)",
	"InPlanePhaseEncodingDirectionDICOM": "COL",
	"ConversionSoftware": "dcm2niix",
	"ConversionSoftwareVersion": "v1.0.20220720",
"TaskName": "Conversation"

}
