{
	"Modality": "MR",
	"MagneticFieldStrength": 3,
	"ImagingFrequency": 123.261,
	"Manufacturer": "Siemens",
	"ManufacturersModelName": "Prisma",
	"InstitutionName": "SUBIC",
	"InstitutionalDepartmentName": "Department",
	"InstitutionAddress": "Svante Arrhenius vaeg 16,Stockholm,District,SE,11418",
	"DeviceSerialNumber": "166088",
	"StationName": "AWP166088",
	"BodyPartExamined": "BRAIN",
	"PatientPosition": "HFS",
	"ProcedureStepDescription": "Julia Udden^robotFMRI^robotfMRI_231212",
	"SoftwareVersions": "syngo MR E11",
	"MRAcquisitionType": "2D",
	"SeriesDescription": "run2_cmrr_mb3_2p5mm_fov210",
	"ProtocolName": "run2_cmrr_mb3_2p5mm_fov210",
	"ScanningSequence": "EP",
	"SequenceVariant": "SK\\SS",
	"ScanOptions": "FS\\EXT",
	"SequenceName": "epfid2d1_84",
	"ImageType": ["ORIGINAL", "PRIMARY", "M", "MB", "ND", "NORM", "MOSAIC"],
	"NonlinearGradientCorrection": false,
	"SeriesNumber": 9,
	"AcquisitionTime": "11:27:53.510000",
	"AcquisitionNumber": 1,
	"ImageComments": "Unaliased MB3/PE4/LB SENSE1",
	"SliceThickness": 2.5,
	"SpacingBetweenSlices": 2.5,
	"SAR": 0.146594,
	"EchoTime": 0.03,
	"RepetitionTime": 1.2,
	"FlipAngle": 65,
	"PartialFourier": 1,
	"BaseResolution": 84,
	"ShimSetting": [
		-2699,
		-1160,
		966,
		155,
		-29,
		70,
		38,
		0	],
	"TxRefAmp": 250.397,
	"PhaseResolution": 1,
	"VendorReportedEchoSpacing": 0.00055,
	"ReceiveCoilName": "HeadNeck_20",
	"ReceiveCoilActiveElements": "HE1-4",
	"PulseSequenceDetails": "%CustomerSeq%\\cmrr_mbep2d_bold",
	"WipMemBlock": "bb291d14-4e76-4072-9124-ad347c1a584a||Sequence: R016 ve11c/master r/e634e98; Dec 19 2017 11:00:25 by eja",
	"RefLinesPE": 24,
	"CoilCombinationMethod": "Sum of Squares",
	"ConsistencyInfo": "N4_VE11C_LATEST_20160120",
	"MatrixCoilMode": "GRAPPA",
	"MultibandAccelerationFactor": 3,
	"PercentPhaseFOV": 100,
	"PercentSampling": 100,
	"EchoTrainLength": 41,
	"PhaseEncodingSteps": 83,
	"AcquisitionMatrixPE": 84,
	"ReconMatrixPE": 84,
	"BandwidthPerPixelPhaseEncode": 43.29,
	"ParallelReductionFactorInPlane": 2,
	"EffectiveEchoSpacing": 0.000275,
	"DerivedVendorReportedEchoSpacing": 0.000550001,
	"TotalReadoutTime": 0.022825,
	"PixelBandwidth": 2380,
	"DwellTime": 2.5e-06,
	"PhaseEncodingDirection": "j-",
	"SliceTiming": [
		0,
		0.865,
		0.5325,
		0.2,
		1.065,
		0.7325,
		0.4,
		0.0675,
		0.9325,
		0.6,
		0.2675,
		1.1325,
		0.8,
		0.4675,
		0.1325,
		1,
		0.665,
		0.3325,
		0,
		0.865,
		0.5325,
		0.2,
		1.065,
		0.7325,
		0.4,
		0.0675,
		0.9325,
		0.6,
		0.2675,
		1.1325,
		0.8,
		0.4675,
		0.1325,
		1,
		0.665,
		0.3325,
		0,
		0.865,
		0.5325,
		0.2,
		1.065,
		0.7325,
		0.4,
		0.0675,
		0.9325,
		0.6,
		0.2675,
		1.1325,
		0.8,
		0.4675,
		0.1325,
		1,
		0.665,
		0.3325	],
	"ImageOrientationPatientDICOM": [
		0.998556,
		-0.036682,
		0.0392548,
		0.0357428,
		0.999064,
		0.0243654	],
	"ImageOrientationText": "Tra>Sag(2.3)>Cor(1.3)",
	"InPlanePhaseEncodingDirectionDICOM": "COL",
	"ConversionSoftware": "dcm2niix",
	"ConversionSoftwareVersion": "v1.0.20220720",
"TaskName": "Conversation"
}
