{
	"Modality": "MR",
	"MagneticFieldStrength": 3,
	"ImagingFrequency": 123.261,
	"Manufacturer": "Siemens",
	"ManufacturersModelName": "Prisma",
	"InstitutionName": "SUBIC",
	"InstitutionalDepartmentName": "Department",
	"InstitutionAddress": "Svante Arrhenius vaeg 16,Stockholm,District,SE,11418",
	"DeviceSerialNumber": "166088",
	"StationName": "AWP166088",
	"BodyPartExamined": "BRAIN",
	"PatientPosition": "HFS",
	"ProcedureStepDescription": "Julia Udden^robotFMRI^robotfMRI_231212",
	"SoftwareVersions": "syngo MR E11",
	"MRAcquisitionType": "3D",
	"SeriesDescription": "t1_mprage_sag_1.2x1.2x1.2",
	"ProtocolName": "t1_mprage_sag_1.2x1.2x1.2",
	"ScanningSequence": "GR\\IR",
	"SequenceVariant": "SK\\SP\\MP",
	"ScanOptions": "IR",
	"SequenceName": "*tfl3d1_16ns",
	"ImageType": ["ORIGINAL", "PRIMARY", "M", "ND", "NORM"],
	"NonlinearGradientCorrection": false,
	"SeriesNumber": 13,
	"AcquisitionTime": "14:59:44.200000",
	"AcquisitionNumber": 1,
	"SliceThickness": 1.2,
	"SAR": 0.0632375,
	"EchoTime": 0.00288,
	"RepetitionTime": 2.3,
	"SpoilingState": true,
	"InversionTime": 0.9,
	"FlipAngle": 9,
	"PartialFourier": 1,
	"BaseResolution": 192,
	"ShimSetting": [
		-2715,
		-1090,
		1097,
		64,
		37,
		-348,
		148,
		-39	],
	"TxRefAmp": 277.451,
	"PhaseResolution": 1,
	"ReceiveCoilName": "HeadNeck_20",
	"ReceiveCoilActiveElements": "HE1-4;NE1,2",
	"PulseSequenceDetails": "%SiemensSeq%\\tfl",
	"RefLinesPE": 24,
	"CoilCombinationMethod": "Adaptive Combine",
	"ConsistencyInfo": "N4_VE11C_LATEST_20160120",
	"MatrixCoilMode": "GRAPPA",
	"PercentPhaseFOV": 100,
	"PercentSampling": 100,
	"PhaseEncodingSteps": 189,
	"AcquisitionMatrixPE": 192,
	"ReconMatrixPE": 192,
	"ParallelReductionFactorInPlane": 4,
	"PixelBandwidth": 235,
	"DwellTime": 1.1e-05,
	"ImageOrientationPatientDICOM": [
		-0.0233387,
		0.986449,
		0.162398,
		0.0252678,
		0.162972,
		-0.986307	],
	"ImageOrientationText": "Sag>Tra(-1.6)>Cor(-1.1)",
	"InPlanePhaseEncodingDirectionDICOM": "ROW",
	"ConversionSoftware": "dcm2niix",
	"ConversionSoftwareVersion": "v1.0.20220720"
}
